PATH
  remote: .
  specs:
    opener-core (2.5.0)
      httpclient
      slop (~> 3.0)

GEM
  remote: https://rubygems.org/
  specs:
    diff-lcs (1.4.4)
    httpclient (2.8.3)
    rake (13.0.3)
    rspec (3.10.0)
      rspec-core (~> 3.10.0)
      rspec-expectations (~> 3.10.0)
      rspec-mocks (~> 3.10.0)
    rspec-core (3.10.1)
      rspec-support (~> 3.10.0)
    rspec-expectations (3.10.1)
      diff-lcs (>= 1.2.0, < 2.0)
      rspec-support (~> 3.10.0)
    rspec-mocks (3.10.1)
      diff-lcs (>= 1.2.0, < 2.0)
      rspec-support (~> 3.10.0)
    rspec-support (3.10.1)
    slop (3.6.0)

PLATFORMS
  ruby

DEPENDENCIES
  bundler
  opener-core!
  rake
  rspec

BUNDLED WITH
   2.0.1
